{
    "Modality": "MR",
    "MagneticFieldStrength": 3,
    "ImagingFrequency": 127.77,
    "Manufacturer": "GE",
    "ManufacturersModelName": "SIGNA PET/MR",
    "InstitutionName": "ULB_ERASME",
    "DeviceSerialNumber": "000000030130MR01",
    "StationName": "ULBPTMR",
    "BodyPartExamined": "BRAIN",
    "PatientPosition": "HFS",
    "SoftwareVersions": "27\\LX\\MR Software release:MP26.0_R02_1941.a",
    "MRAcquisitionType": "3D",
    "SeriesDescription": "Ax 3D T1 BRAVO",
    "ProtocolName": "Etude Emilie",
    "ScanningSequence": "GR",
    "SequenceVariant": "SS\\SK",
    "ScanOptions": "FAST_GEMS\\EDR_GEMS\\FILTERED_GEMS\\IR_GEMS",
    "PulseSequenceName": "BRAVO",
    "ImageType": [
        "ORIGINAL",
        "PRIMARY",
        "OTHER"
    ],
    "SeriesNumber": 14,
    "AcquisitionTime": "13:25:23.000000",
    "AcquisitionNumber": 1,
    "SliceThickness": 1,
    "SpacingBetweenSlices": 0.500002,
    "SAR": 0.078898,
    "EchoTime": 0.003108,
    "RepetitionTime": 0.008304,
    "InversionTime": 0.45,
    "FlipAngle": 12,
    "ShimSetting": [
        1,
        -4,
        -24
    ],
    "PrescanReuseString": "TG/s13,CF/s13,AS/s13,RN/s13",
    "CoilString": "Head 24",
    "Interpolation3D": 2,
    "PercentPhaseFOV": 80,
    "PercentSampling": 100,
    "AcquisitionMatrixPE": 240,
    "ReconMatrixPE": 256,
    "PixelBandwidth": 244.141,
    "ImageOrientationPatientDICOM": [
        0.99584,
        -0.06791,
        0.06068,
        0.0678,
        0.99769,
        0.00395
    ],
    "InPlanePhaseEncodingDirectionDICOM": "ROW",
    "ConversionSoftware": "dcm2niix",
    "ConversionSoftwareVersion": "v1.0.20220720",
    "Dcm2bidsVersion": "2.1.7"
}