{
    "Modality": "MR",
    "MagneticFieldStrength": 3,
    "ImagingFrequency": 127.771,
    "Manufacturer": "GE",
    "PulseSequenceName": "epiRT",
    "InternalPulseSequenceName": "EPI",
    "ManufacturersModelName": "SIGNA PET/MR",
    "InstitutionName": "ULB_ERASME",
    "DeviceSerialNumber": "000000030130MR01",
    "StationName": "PETMR",
    "BodyPartExamined": "HEAD",
    "PatientPosition": "HFS",
    "ProcedureStepDescription": "Etude Emilie",
    "SoftwareVersions": "27\\LX\\MR Software release:MP26.0_R01_1824.b",
    "MRAcquisitionType": "2D",
    "SeriesDescription": "fMRI COM coerc",
    "ProtocolName": "Etude Emilie",
    "ScanningSequence": "EP\\GR",
    "SequenceVariant": "SS",
    "ScanOptions": "SAT_GEMS\\EPI_GEMS\\FILTERED_GEMS\\ACC_GEMS\\FS",
    "ImageType": [
        "ORIGINAL",
        "PRIMARY",
        "EPI",
        "NONE"
    ],
    "SeriesNumber": 6,
    "AcquisitionTime": "10:20:5.000000",
    "AcquisitionNumber": 1,
    "SliceThickness": 3,
    "SpacingBetweenSlices": 3,
    "SAR": 0.0928794,
    "EchoTime": 0.021,
    "RepetitionTime": 2.2,
    "FlipAngle": 90,
    "PhaseEncodingPolarityGE": "Flipped",
    "CoilString": "Head Neck 40",
    "PercentPhaseFOV": 100,
    "PercentSampling": 100,
    "AcquisitionMatrixPE": 96,
    "ReconMatrixPE": 128,
    "ParallelReductionFactorInPlane": 3,
    "EffectiveEchoSpacing": 0.000166961,
    "TotalReadoutTime": 0.021204,
    "PixelBandwidth": 3906.25,
    "PhaseEncodingDirection": "j",
    "SliceTiming": [
        1.07556,
        2.15111,
        1.02667,
        2.10222,
        0.977778,
        2.05333,
        0.928889,
        2.00444,
        0.88,
        1.95556,
        0.831111,
        1.90667,
        0.782222,
        1.85778,
        0.733333,
        1.80889,
        0.684444,
        1.76,
        0.635556,
        1.71111,
        0.586667,
        1.66222,
        0.537778,
        1.61333,
        0.488889,
        1.56444,
        0.44,
        1.51556,
        0.391111,
        1.46667,
        0.342222,
        1.41778,
        0.293333,
        1.36889,
        0.244444,
        1.32,
        0.195556,
        1.27111,
        0.146667,
        1.22222,
        0.0977778,
        1.17333,
        0.0488889,
        1.12444,
        0
    ],
    "ImageOrientationPatientDICOM": [
        0.999545,
        -0.0026971,
        -0.0300571,
        0,
        0.995998,
        -0.0893741
    ],
    "InPlanePhaseEncodingDirectionDICOM": "COL",
    "ConversionSoftware": "dcm2niix",
    "ConversionSoftwareVersion": "v1.0.20210317",
    "Dcm2bidsVersion": "2.1.6",
    "TaskName": "cocoer"
}