{
    "Modality": "MR",
    "MagneticFieldStrength": 3,
    "ImagingFrequency": 127.771,
    "Manufacturer": "GE",
    "ManufacturersModelName": "SIGNA PET/MR",
    "InstitutionName": "ULB_ERASME",
    "DeviceSerialNumber": "000000030130MR01",
    "StationName": "ULBPTMR",
    "BodyPartExamined": "BRAIN",
    "PatientPosition": "HFS",
    "SoftwareVersions": "27\\LX\\MR Software release:MP26.0_R02_1941.a",
    "MRAcquisitionType": "3D",
    "SeriesDescription": "Ax 3D T1 BRAVO",
    "ProtocolName": "Etude Emilie",
    "ScanningSequence": "GR",
    "SequenceVariant": "SS\\SK",
    "ScanOptions": "FAST_GEMS\\EDR_GEMS\\FILTERED_GEMS\\IR_GEMS",
    "PulseSequenceName": "BRAVO",
    "ImageType": [
        "ORIGINAL",
        "PRIMARY",
        "OTHER"
    ],
    "SeriesNumber": 12,
    "AcquisitionTime": "16:25:23.000000",
    "AcquisitionNumber": 1,
    "SliceThickness": 1,
    "SpacingBetweenSlices": 0.5,
    "SAR": 0.078127,
    "EchoTime": 0.003112,
    "RepetitionTime": 0.008388,
    "InversionTime": 0.45,
    "FlipAngle": 12,
    "ShimSetting": [
        3,
        -4,
        -23
    ],
    "PrescanReuseString": "TG/s11,CF/s11,AS/s11,RN/s11",
    "CoilString": "Head 24",
    "Interpolation3D": 2,
    "PercentPhaseFOV": 80,
    "PercentSampling": 100,
    "AcquisitionMatrixPE": 240,
    "ReconMatrixPE": 256,
    "PixelBandwidth": 244.141,
    "ImageOrientationPatientDICOM": [
        0.98943,
        -0.14085,
        0.03453,
        0.1434,
        0.98571,
        -0.08836
    ],
    "InPlanePhaseEncodingDirectionDICOM": "ROW",
    "ConversionSoftware": "dcm2niix",
    "ConversionSoftwareVersion": "v1.0.20220720",
    "Dcm2bidsVersion": "2.1.7"
}