{
    "Modality": "MR",
    "MagneticFieldStrength": 3,
    "ImagingFrequency": 127.771,
    "Manufacturer": "GE",
    "ManufacturersModelName": "SIGNA PET/MR",
    "InstitutionName": "ULB_ERASME",
    "DeviceSerialNumber": "000000030130MR01",
    "StationName": "PETMR",
    "BodyPartExamined": "BRAIN",
    "PatientPosition": "HFS",
    "ProcedureStepDescription": "Etude Emilie",
    "SoftwareVersions": "27\\LX\\MR Software release:MP26.0_R01_1824.b",
    "MRAcquisitionType": "3D",
    "SeriesDescription": "Ax 3D T1 BRAVO",
    "ProtocolName": "Etude Emilie",
    "ScanningSequence": "GR",
    "SequenceVariant": "SS\\SK",
    "ScanOptions": "FAST_GEMS\\EDR_GEMS\\FILTERED_GEMS\\IR_GEMS",
    "ImageType": [
        "ORIGINAL",
        "PRIMARY",
        "OTHER"
    ],
    "SeriesNumber": 8,
    "AcquisitionTime": "10:17:45.000000",
    "AcquisitionNumber": 1,
    "SliceThickness": 1,
    "SpacingBetweenSlices": 0.5,
    "SAR": 0.0710973,
    "EchoTime": 0.003116,
    "RepetitionTime": 0.008292,
    "InversionTime": 0.45,
    "FlipAngle": 12,
    "CoilString": "Head 24",
    "PercentPhaseFOV": 80,
    "PercentSampling": 100,
    "AcquisitionMatrixPE": 240,
    "ReconMatrixPE": 256,
    "PixelBandwidth": 244.141,
    "ImageOrientationPatientDICOM": [
        0.996956,
        -0.0703203,
        0.0336763,
        0.0704816,
        0.997506,
        -0.00362354
    ],
    "InPlanePhaseEncodingDirectionDICOM": "ROW",
    "ConversionSoftware": "dcm2niix",
    "ConversionSoftwareVersion": "v1.0.20210317",
    "Dcm2bidsVersion": "2.1.6"
}