{
    "Modality": "MR",
    "MagneticFieldStrength": 3,
    "ImagingFrequency": 127.771,
    "Manufacturer": "GE",
    "ManufacturersModelName": "SIGNA PET/MR",
    "InstitutionName": "ULB_ERASME",
    "DeviceSerialNumber": "000000030130MR01",
    "StationName": "ULBPTMR",
    "BodyPartExamined": "BRAIN",
    "PatientPosition": "HFS",
    "SoftwareVersions": "27\\LX\\MR Software release:MP26.0_R02_1941.a",
    "MRAcquisitionType": "3D",
    "SeriesDescription": "Ax 3D T1 BRAVO",
    "ProtocolName": "Etude Emilie",
    "ScanningSequence": "GR",
    "SequenceVariant": "SS\\SK",
    "ScanOptions": "FAST_GEMS\\EDR_GEMS\\FILTERED_GEMS\\IR_GEMS",
    "ImageType": [
        "ORIGINAL",
        "PRIMARY",
        "OTHER"
    ],
    "SeriesNumber": 12,
    "AcquisitionTime": "12:00:32.000000",
    "AcquisitionNumber": 1,
    "SliceThickness": 1,
    "SpacingBetweenSlices": 0.5,
    "SAR": 0.0753874,
    "EchoTime": 0.003264,
    "RepetitionTime": 0.008696,
    "InversionTime": 0.45,
    "FlipAngle": 12,
    "CoilString": "Head 24",
    "PercentPhaseFOV": 76,
    "PercentSampling": 100,
    "AcquisitionMatrixPE": 260,
    "ReconMatrixPE": 512,
    "PixelBandwidth": 122.07,
    "ImageOrientationPatientDICOM": [
        0.98472,
        0.05528,
        0.16514,
        -0.05804,
        0.99824,
        0.0119
    ],
    "InPlanePhaseEncodingDirectionDICOM": "ROW",
    "ConversionSoftware": "dcm2niix",
    "ConversionSoftwareVersion": "v1.0.20210317",
    "Dcm2bidsVersion": "2.1.6"
}