{
	"Modality": "MR",
	"MagneticFieldStrength": 3,
	"ImagingFrequency": 127.771,
	"Manufacturer": "GE",
	"ManufacturersModelName": "SIGNA PET/MR",
	"InstitutionName": "ULB_ERASME",
	"DeviceSerialNumber": "000000030130MR01",
	"StationName": "ULBPTMR",
	"BodyPartExamined": "BRAIN",
	"PatientPosition": "HFS",
	"SoftwareVersions": "27\\LX\\MR Software release:MP26.0_R02_1941.a",
	"MRAcquisitionType": "3D",
	"SeriesDescription": "Ax 3D T1 BRAVO",
	"ProtocolName": "Etude Emilie",
	"ScanningSequence": "GR",
	"SequenceVariant": "SS\\SK",
	"ScanOptions": "FAST_GEMS\\EDR_GEMS\\FILTERED_GEMS\\IR_GEMS",
	"ImageType": ["ORIGINAL", "PRIMARY", "OTHER"],
	"SeriesNumber": 16,
	"AcquisitionTime": "13:07:46.000000",
	"AcquisitionNumber": 1,
	"SliceThickness": 1,
	"SpacingBetweenSlices": 0.5,
	"SAR": 0.0798749,
	"EchoTime": 0.003096,
	"RepetitionTime": 0.008248,
	"InversionTime": 0.45,
	"FlipAngle": 12,
	"CoilString": "Head 24",
	"PercentPhaseFOV": 74,
	"PercentSampling": 100,
	"AcquisitionMatrixPE": 240,
	"ReconMatrixPE": 256,
	"PixelBandwidth": 244.141,
	"ImageOrientationPatientDICOM": [
		0.99739,
		0.00716,
		0.07189,
		-0.00706,
		0.99997,
		-0.00158	],
	"InPlanePhaseEncodingDirectionDICOM": "ROW",
	"ConversionSoftware": "dcm2niix",
	"ConversionSoftwareVersion": "v1.0.20210317"
}
