{
    "Modality": "MR",
    "MagneticFieldStrength": 3,
    "ImagingFrequency": 127.771,
    "Manufacturer": "GE",
    "PulseSequenceName": "epiRT",
    "InternalPulseSequenceName": "EPI",
    "ManufacturersModelName": "SIGNA PET/MR",
    "InstitutionName": "ULB_ERASME",
    "DeviceSerialNumber": "000000030130MR01",
    "StationName": "PETMR",
    "BodyPartExamined": "HEAD",
    "PatientPosition": "HFS",
    "ProcedureStepDescription": "Etude Emilie",
    "SoftwareVersions": "27\\LX\\MR Software release:MP26.0_R01_1824.b",
    "MRAcquisitionType": "2D",
    "SeriesDescription": "fMRI RS",
    "ProtocolName": "Etude Emilie",
    "ScanningSequence": "EP\\GR",
    "SequenceVariant": "SS",
    "ScanOptions": "SAT_GEMS\\EPI_GEMS\\FILTERED_GEMS\\ACC_GEMS\\FS",
    "ImageType": [
        "ORIGINAL",
        "PRIMARY",
        "EPI",
        "NONE"
    ],
    "SeriesNumber": 9,
    "AcquisitionTime": "11:32:33.000000",
    "AcquisitionNumber": 1,
    "SliceThickness": 3,
    "SpacingBetweenSlices": 3,
    "SAR": 0.165699,
    "EchoTime": 0.034,
    "RepetitionTime": 3,
    "FlipAngle": 90,
    "PhaseEncodingPolarityGE": "Flipped",
    "CoilString": "Head Neck 40",
    "PercentPhaseFOV": 100,
    "PercentSampling": 100,
    "AcquisitionMatrixPE": 96,
    "ReconMatrixPE": 128,
    "ParallelReductionFactorInPlane": 3,
    "EffectiveEchoSpacing": 0.000166961,
    "TotalReadoutTime": 0.021204,
    "PixelBandwidth": 3906.25,
    "PhaseEncodingDirection": "j",
    "SliceTiming": [
        1.46667,
        2.93333,
        1.4,
        2.86667,
        1.33333,
        2.8,
        1.26667,
        2.73333,
        1.2,
        2.66667,
        1.13333,
        2.6,
        1.06667,
        2.53333,
        1,
        2.46667,
        0.933333,
        2.4,
        0.866667,
        2.33333,
        0.8,
        2.26667,
        0.733333,
        2.2,
        0.666667,
        2.13333,
        0.6,
        2.06667,
        0.533333,
        2,
        0.466667,
        1.93333,
        0.4,
        1.86667,
        0.333333,
        1.8,
        0.266667,
        1.73333,
        0.2,
        1.66667,
        0.133333,
        1.6,
        0.0666667,
        1.53333,
        0
    ],
    "ImageOrientationPatientDICOM": [
        0.999679,
        -0.00167444,
        -0.025289,
        0,
        0.997815,
        -0.066068
    ],
    "InPlanePhaseEncodingDirectionDICOM": "COL",
    "ConversionSoftware": "dcm2niix",
    "ConversionSoftwareVersion": "v1.0.20210317",
    "Dcm2bidsVersion": "2.1.6",
    "TaskName": "restingstate"
}