{
    "Modality": "MR",
    "MagneticFieldStrength": 3,
    "ImagingFrequency": 127.771,
    "Manufacturer": "GE",
    "PulseSequenceName": "epiRT",
    "InternalPulseSequenceName": "EPI",
    "ManufacturersModelName": "SIGNA PET/MR",
    "InstitutionName": "ULB_ERASME",
    "DeviceSerialNumber": "000000030130MR01",
    "StationName": "ULBPTMR",
    "BodyPartExamined": "HEAD",
    "PatientPosition": "HFS",
    "SoftwareVersions": "27\\LX\\MR Software release:MP26.0_R02_1941.a",
    "MRAcquisitionType": "2D",
    "SeriesDescription": "fMRI RS",
    "ProtocolName": "Etude Emilie",
    "ScanningSequence": "EP\\GR",
    "SequenceVariant": "SS",
    "ScanOptions": "SAT_GEMS\\EPI_GEMS\\FILTERED_GEMS\\ACC_GEMS\\FS",
    "ImageType": [
        "ORIGINAL",
        "PRIMARY",
        "EPI",
        "NONE"
    ],
    "SeriesNumber": 9,
    "AcquisitionTime": "15:54:21.000000",
    "AcquisitionNumber": 1,
    "SliceThickness": 3,
    "SpacingBetweenSlices": 3,
    "SAR": 0.0681748,
    "EchoTime": 0.034,
    "RepetitionTime": 3,
    "FlipAngle": 90,
    "PhaseEncodingPolarityGE": "Flipped",
    "CoilString": "Head Neck 40",
    "PercentPhaseFOV": 100,
    "PercentSampling": 100,
    "AcquisitionMatrixPE": 96,
    "ReconMatrixPE": 128,
    "ParallelReductionFactorInPlane": 3,
    "EffectiveEchoSpacing": 0.000168913,
    "TotalReadoutTime": 0.021452,
    "PixelBandwidth": 3906.25,
    "PhaseEncodingDirection": "j",
    "SliceTiming": [
        2.93478,
        1.43478,
        2.86957,
        1.36957,
        2.80435,
        1.30435,
        2.73913,
        1.23913,
        2.67391,
        1.17391,
        2.6087,
        1.1087,
        2.54348,
        1.04348,
        2.47826,
        0.978261,
        2.41304,
        0.913043,
        2.34783,
        0.847826,
        2.28261,
        0.782609,
        2.21739,
        0.717391,
        2.15217,
        0.652174,
        2.08696,
        0.586957,
        2.02174,
        0.521739,
        1.95652,
        0.456522,
        1.8913,
        0.391304,
        1.82609,
        0.326087,
        1.76087,
        0.26087,
        1.69565,
        0.195652,
        1.63043,
        0.130435,
        1.56522,
        0.0652174,
        1.5,
        0
    ],
    "ImageOrientationPatientDICOM": [
        0.99892,
        0.02659,
        -0.03812,
        -0.02147,
        0.99142,
        0.12895
    ],
    "InPlanePhaseEncodingDirectionDICOM": "COL",
    "ConversionSoftware": "dcm2niix",
    "ConversionSoftwareVersion": "v1.0.20210317",
    "Dcm2bidsVersion": "2.1.6",
    "TaskName": "restingstate"
}