{
    "Modality": "MR",
    "MagneticFieldStrength": 3,
    "ImagingFrequency": 127.771,
    "Manufacturer": "GE",
    "PulseSequenceName": "epiRT",
    "InternalPulseSequenceName": "EPI",
    "ManufacturersModelName": "SIGNA PET/MR",
    "InstitutionName": "ULB_ERASME",
    "DeviceSerialNumber": "000000030130MR01",
    "StationName": "ULBPTMR",
    "BodyPartExamined": "HEAD",
    "PatientPosition": "HFS",
    "SoftwareVersions": "27\\LX\\MR Software release:MP26.0_R02_1941.a",
    "MRAcquisitionType": "2D",
    "SeriesDescription": "fMRI AG coerc",
    "ProtocolName": "Etude Emilie",
    "ScanningSequence": "EP\\GR",
    "SequenceVariant": "SS",
    "ScanOptions": "SAT_GEMS\\EPI_GEMS\\FILTERED_GEMS\\ACC_GEMS\\FS",
    "ImageType": [
        "ORIGINAL",
        "PRIMARY",
        "EPI",
        "NONE"
    ],
    "SeriesNumber": 7,
    "AcquisitionTime": "15:14:54.000000",
    "AcquisitionNumber": 1,
    "SliceThickness": 3,
    "SpacingBetweenSlices": 3,
    "SAR": 0.0929653,
    "EchoTime": 0.02,
    "RepetitionTime": 2.2,
    "FlipAngle": 90,
    "PhaseEncodingPolarityGE": "Flipped",
    "CoilString": "Head Neck 40",
    "PercentPhaseFOV": 100,
    "PercentSampling": 100,
    "AcquisitionMatrixPE": 96,
    "ReconMatrixPE": 128,
    "ParallelReductionFactorInPlane": 3,
    "EffectiveEchoSpacing": 0.000168913,
    "TotalReadoutTime": 0.021452,
    "PixelBandwidth": 3906.25,
    "PhaseEncodingDirection": "j",
    "SliceTiming": [
        2.15217,
        1.05217,
        2.10435,
        1.00435,
        2.05652,
        0.956522,
        2.0087,
        0.908696,
        1.96087,
        0.86087,
        1.91304,
        0.813044,
        1.86522,
        0.765217,
        1.81739,
        0.717391,
        1.76957,
        0.669565,
        1.72174,
        0.621739,
        1.67391,
        0.573913,
        1.62609,
        0.526087,
        1.57826,
        0.478261,
        1.53043,
        0.430435,
        1.48261,
        0.382609,
        1.43478,
        0.334783,
        1.38696,
        0.286957,
        1.33913,
        0.23913,
        1.2913,
        0.191304,
        1.24348,
        0.143478,
        1.19565,
        0.0956522,
        1.14783,
        0.0478261,
        1.1,
        0
    ],
    "ImageOrientationPatientDICOM": [
        0.99892,
        0.02659,
        -0.03812,
        -0.02147,
        0.99142,
        0.12895
    ],
    "InPlanePhaseEncodingDirectionDICOM": "COL",
    "ConversionSoftware": "dcm2niix",
    "ConversionSoftwareVersion": "v1.0.20210317",
    "Dcm2bidsVersion": "2.1.6",
    "TaskName": "agcoer"
}